GEM
  remote: http://rubygems.org/
  specs:
    os (1.1.0)

PLATFORMS
  ruby

DEPENDENCIES
  os

BUNDLED WITH
   2.1.4
